GEM
  remote: http://rubygems.org/
  specs:
    stomp (1.2.3)

PLATFORMS
  ruby

DEPENDENCIES
  stomp
